GEM
  remote: http://rubygems.org/
  specs:
    actionmailer (2.3.11)
      actionpack (= 2.3.11)
    actionpack (2.3.11)
      activesupport (= 2.3.11)
      rack (~> 1.1.0)
    activerecord (2.3.11)
      activesupport (= 2.3.11)
    activeresource (2.3.11)
      activesupport (= 2.3.11)
    activesupport (2.3.11)
    authlogic (2.1.6)
      activesupport
    cgi_multipart_eof_fix (2.5.0)
    daemons (1.1.3)
    dry_scaffold (0.3.8)
      haml
    factory_girl (1.3.2)
    fastthread (1.0.7)
    formtastic (1.1.0)
      actionpack (>= 2.3.0)
      activesupport (>= 2.3.0)
      i18n (>= 0.4.0)
    gem_plugin (0.2.3)
    haml (3.0.18)
    has_scope (0.5.0)
    i18n (0.4.2)
    inherited_resources (1.0.6)
      has_scope (~> 0.5.0)
      responders (~> 0.4.6)
    json (1.4.6)
    mongrel (1.1.5)
      cgi_multipart_eof_fix (>= 2.4)
      daemons (>= 1.0.3)
      fastthread (>= 1.0.1)
      gem_plugin (>= 0.2.3)
    rack (1.1.0)
    rails (2.3.11)
      actionmailer (= 2.3.11)
      actionpack (= 2.3.11)
      activerecord (= 2.3.11)
      activeresource (= 2.3.11)
      activesupport (= 2.3.11)
      rake (>= 0.8.3)
    rake (0.8.7)
    responders (0.4.7)
    sqlite3 (1.3.3)
    sqlite3-ruby (1.3.3)
      sqlite3 (>= 1.3.3)
    test-unit (2.1.1)
    will_paginate (2.3.14)

PLATFORMS
  ruby

DEPENDENCIES
  authlogic (= 2.1.6)
  dry_scaffold (~> 0.3.8)
  factory_girl (= 1.3.2)
  formtastic (= 1.1.0)
  haml (= 3.0.18)
  i18n (= 0.4.2)
  inherited_resources (= 1.0.6)
  json (= 1.4.6)
  mongrel
  rails (= 2.3.11)
  sqlite3-ruby
  test-unit (= 2.1.1)
  will_paginate (= 2.3.14)
